GEM
  remote: https://rubygems.org/
  specs:
    dotenv (2.7.6)
    influxdb-client (2.0.0)

PLATFORMS
  ruby

DEPENDENCIES
  dotenv
  influxdb-client

BUNDLED WITH
   2.2.22
